PATH
  remote: .
  specs:
    sam-build-fast (0.0.0)

GEM
  remote: https://rubygems.org/
  specs:

PLATFORMS
  ruby

DEPENDENCIES
  sam-build-fast!

BUNDLED WITH
   2.1.4
