GEM
  remote: https://rubygems.org/
  specs:
    nokogiri (1.16.2-aarch64-linux)
      racc (~> 1.4)
    nokogiri (1.16.2-x86_64-linux)
      racc (~> 1.4)
    racc (1.7.3)

PLATFORMS
  aarch64-linux
  x86_64-linux

DEPENDENCIES
  nokogiri

BUNDLED WITH
   2.4.6
